PATH
  remote: ~/dev/bioruby-ngs
  specs:
    bio-ngs (0.0.0)
      bio (>= 1.4.1)
      bio-bwa (>= 0.2.1)
      bio-samtools (>= 0.0.0)
      daemons (>= 1.1.0)
      rubyvis (>= 0.5.0)
      thor (>= 0.14.6)

GEM
  remote: http://rubygems.org/
  specs:
    abstract (1.0.0)
    actionmailer (3.0.8)
      actionpack (= 3.0.8)
      mail (~> 2.2.19)
    actionpack (3.0.8)
      activemodel (= 3.0.8)
      activesupport (= 3.0.8)
      builder (~> 2.1.2)
      erubis (~> 2.6.6)
      i18n (~> 0.5.0)
      rack (~> 1.2.1)
      rack-mount (~> 0.6.14)
      rack-test (~> 0.5.7)
      tzinfo (~> 0.3.23)
    activemodel (3.0.8)
      activesupport (= 3.0.8)
      builder (~> 2.1.2)
      i18n (~> 0.5.0)
    activerecord (3.0.8)
      activemodel (= 3.0.8)
      activesupport (= 3.0.8)
      arel (~> 2.0.10)
      tzinfo (~> 0.3.23)
    activeresource (3.0.8)
      activemodel (= 3.0.8)
      activesupport (= 3.0.8)
    activesupport (3.0.8)
    arel (2.0.10)
    bio (1.4.1)
    bio-bwa (0.2.2)
    bio-samtools (0.2.4)
      bio (>= 1.4.1)
      ffi
    bluepill (0.0.51)
      activesupport (>= 3.0.0)
      daemons (~> 1.1.0)
      i18n (>= 0.5.0)
      state_machine (~> 0.9.4)
    builder (2.1.2)
    daemons (1.1.3)
    delayed_job (2.1.4)
      activesupport (~> 3.0)
      daemons
    erubis (2.6.6)
      abstract (>= 1.0.0)
    ffi (1.0.9)
    i18n (0.5.0)
    json (1.5.3)
    mail (2.2.19)
      activesupport (>= 2.3.6)
      i18n (>= 0.4.0)
      mime-types (~> 1.16)
      treetop (~> 1.4.8)
    mime-types (1.16)
    polyglot (0.3.1)
    progressbar (0.9.1)
    rack (1.2.3)
    rack-mount (0.6.14)
      rack (>= 1.0.0)
    rack-test (0.5.7)
      rack (>= 1.0)
    rails (3.0.8)
      actionmailer (= 3.0.8)
      actionpack (= 3.0.8)
      activerecord (= 3.0.8)
      activeresource (= 3.0.8)
      activesupport (= 3.0.8)
      bundler (~> 1.0)
      railties (= 3.0.8)
    railties (3.0.8)
      actionpack (= 3.0.8)
      activesupport (= 3.0.8)
      rake (>= 0.8.7)
      thor (~> 0.14.4)
    rake (0.9.2)
    ruby-ensembl-api (1.0.1)
      activerecord
      bio (>= 1)
    rubyvis (0.5.0)
    sqlite3 (1.3.3)
    state_machine (0.9.4)
    stomp (1.1.9)
    thor (0.14.6)
    treetop (1.4.9)
      polyglot (>= 0.3.1)
    tzinfo (0.3.27)

PLATFORMS
  ruby

DEPENDENCIES
  bio (>= 1.4.1)
  bio-bwa (>= 0.2.2)
  bio-ngs!
  bio-samtools (>= 0.0.0)
  bluepill
  daemons (>= 1.1.0)
  delayed_job
  ffi (>= 1.0.6)
  json
  progressbar (>= 0.9.0)
  rails (= 3.0.8)
  ruby-ensembl-api (>= 1.0.1)
  rubyvis (>= 0.5.0)
  sqlite3 (>= 1.3.3)
  stomp
